GIT
  remote: git://github.com/openplans/surveyor.git
  revision: de61510648e773121e75cf1bb32f56c06cc8a4ba
  branch: rails3
  specs:
    surveyor (0.16.16)
      fastercsv
      formtastic
      haml
      surveyor
      uuid

GIT
  remote: git://github.com/rails/exception_notification.git
  revision: 192a49a02d63d28b23ed41cebadfedd490929cf1
  specs:
    exception_notification (1.0.0)

GEM
  remote: http://rubygems.org/
  specs:
    abstract (1.0.0)
    actionmailer (3.0.11)
      actionpack (= 3.0.11)
      mail (~> 2.2.19)
    actionpack (3.0.11)
      activemodel (= 3.0.11)
      activesupport (= 3.0.11)
      builder (~> 2.1.2)
      erubis (~> 2.6.6)
      i18n (~> 0.5.0)
      rack (~> 1.2.1)
      rack-mount (~> 0.6.14)
      rack-test (~> 0.5.7)
      tzinfo (~> 0.3.23)
    activemodel (3.0.11)
      activesupport (= 3.0.11)
      builder (~> 2.1.2)
      i18n (~> 0.5.0)
    activerecord (3.0.11)
      activemodel (= 3.0.11)
      activesupport (= 3.0.11)
      arel (~> 2.0.10)
      tzinfo (~> 0.3.23)
    activeresource (3.0.11)
      activemodel (= 3.0.11)
      activesupport (= 3.0.11)
    activesupport (3.0.11)
    addressable (2.2.6)
    archive-tar-minitar (0.5.2)
    arel (2.0.10)
    bcrypt-ruby (3.0.1)
    builder (2.1.2)
    cancan (1.6.7)
    capistrano (2.9.0)
      highline
      net-scp (>= 1.0.0)
      net-sftp (>= 2.0.0)
      net-ssh (>= 2.0.14)
      net-ssh-gateway (>= 1.1.0)
    capybara (1.1.2)
      mime-types (>= 1.16)
      nokogiri (>= 1.3.3)
      rack (>= 1.0.0)
      rack-test (>= 0.5.4)
      selenium-webdriver (~> 2.0)
      xpath (~> 0.1.4)
    childprocess (0.2.3)
      ffi (~> 1.0.6)
    cocaine (0.2.1)
    columnize (0.3.6)
    cucumber (1.1.4)
      builder (>= 2.1.2)
      diff-lcs (>= 1.1.2)
      gherkin (~> 2.7.1)
      json (>= 1.4.6)
      term-ansicolor (>= 1.0.6)
    cucumber-rails (1.2.1)
      capybara (>= 1.1.2)
      cucumber (>= 1.1.3)
      nokogiri (>= 1.5.0)
    database_cleaner (0.7.0)
    date_validator (0.6.2)
      activemodel (>= 3.0.0, < 3.2.0)
    devise (1.5.3)
      bcrypt-ruby (~> 3.0)
      orm_adapter (~> 0.0.3)
      warden (~> 1.1)
    diff-lcs (1.1.3)
    erubis (2.6.6)
      abstract (>= 1.0.0)
    factory_girl (2.3.2)
      activesupport
    factory_girl_rails (1.4.0)
      factory_girl (~> 2.3.0)
      railties (>= 3.0.0)
    faker (1.0.1)
      i18n (~> 0.4)
    fastercsv (1.5.4)
    ffi (1.0.11)
    formtastic (1.2.4)
      actionpack (>= 2.3.7)
      activesupport (>= 2.3.7)
      i18n (~> 0.4)
    gherkin (2.7.1)
      json (>= 1.4.6)
    haml (3.1.3)
    highline (1.6.9)
    i18n (0.5.0)
    jquery-rails (1.0.19)
      railties (~> 3.0)
      thor (~> 0.14)
    json (1.6.3)
    launchy (2.0.5)
      addressable (~> 2.2.6)
    linecache19 (0.5.12)
      ruby_core_source (>= 0.1.4)
    macaddr (1.5.0)
      systemu (>= 2.4.0)
    machinist (2.0.0.beta2)
    mail (2.2.19)
      activesupport (>= 2.3.6)
      i18n (>= 0.4.0)
      mime-types (~> 1.16)
      treetop (~> 1.4.8)
    mime-types (1.17.2)
    multi_json (1.0.4)
    net-scp (1.0.4)
      net-ssh (>= 1.99.1)
    net-sftp (2.0.5)
      net-ssh (>= 2.0.9)
    net-ssh (2.2.1)
    net-ssh-gateway (1.1.0)
      net-ssh (>= 1.99.1)
    nokogiri (1.5.0)
    orm_adapter (0.0.5)
    paperclip (2.4.5)
      activerecord (>= 2.3.0)
      activesupport (>= 2.3.2)
      cocaine (>= 0.0.2)
      mime-types
    pg (0.12.0)
      rake-compiler (~> 0.7)
    polyglot (0.3.3)
    rack (1.2.4)
    rack-mount (0.6.14)
      rack (>= 1.0.0)
    rack-test (0.5.7)
      rack (>= 1.0)
    rails (3.0.11)
      actionmailer (= 3.0.11)
      actionpack (= 3.0.11)
      activerecord (= 3.0.11)
      activeresource (= 3.0.11)
      activesupport (= 3.0.11)
      bundler (~> 1.0)
      railties (= 3.0.11)
    railties (3.0.11)
      actionpack (= 3.0.11)
      activesupport (= 3.0.11)
      rake (>= 0.8.7)
      rdoc (~> 3.4)
      thor (~> 0.14.4)
    rake (0.9.2.2)
    rake-compiler (0.7.9)
      rake
    rdoc (3.12)
      json (~> 1.4)
    rspec (2.7.0)
      rspec-core (~> 2.7.0)
      rspec-expectations (~> 2.7.0)
      rspec-mocks (~> 2.7.0)
    rspec-core (2.7.1)
    rspec-expectations (2.7.0)
      diff-lcs (~> 1.1.2)
    rspec-mocks (2.7.0)
    rspec-rails (2.7.0)
      actionpack (~> 3.0)
      activesupport (~> 3.0)
      railties (~> 3.0)
      rspec (~> 2.7.0)
    ruby-debug-base19 (0.11.25)
      columnize (>= 0.3.1)
      linecache19 (>= 0.5.11)
      ruby_core_source (>= 0.1.4)
    ruby-debug19 (0.11.6)
      columnize (>= 0.3.1)
      linecache19 (>= 0.5.11)
      ruby-debug-base19 (>= 0.11.19)
    ruby_core_source (0.1.5)
      archive-tar-minitar (>= 0.5.2)
    rubyzip (0.9.5)
    selenium-webdriver (2.15.0)
      childprocess (>= 0.2.1)
      ffi (~> 1.0.9)
      multi_json (~> 1.0.4)
      rubyzip
    spork (0.8.5)
    sqlite3 (1.3.5)
    sqlite3-ruby (1.3.3)
      sqlite3 (>= 1.3.3)
    systemu (2.4.2)
    term-ansicolor (1.0.7)
    thor (0.14.6)
    treetop (1.4.10)
      polyglot
      polyglot (>= 0.3.1)
    tzinfo (0.3.31)
    userstamp (2.0.1)
    uuid (2.3.4)
      macaddr (~> 1.0)
    warden (1.1.0)
      rack (>= 1.0)
    will_paginate (3.0.pre2)
    xpath (0.1.4)
      nokogiri (~> 1.3)

PLATFORMS
  ruby

DEPENDENCIES
  cancan
  capistrano
  cucumber
  cucumber-rails
  database_cleaner
  date_validator
  devise
  exception_notification!
  factory_girl_rails
  faker
  formtastic (= 1.2.4)
  haml (= 3.1.3)
  jquery-rails (>= 0.2.6)
  launchy
  machinist (>= 2.0.0.beta1)
  paperclip
  pg
  rails (= 3.0.11)
  rake
  rspec-rails
  ruby-debug19
  spork
  sqlite3-ruby
  surveyor!
  userstamp
  will_paginate (= 3.0.pre2)
